PATH
  remote: .
  specs:
    hanami (0.0.3)
      mecab (~> 0.996, >= 0.996)
      moji (~> 1.6)

GEM
  remote: https://rubygems.org/
  specs:
    diff-lcs (1.5.0)
    mecab (0.996)
    moji (1.6)
    rake (13.0.6)
    rspec (3.12.0)
      rspec-core (~> 3.12.0)
      rspec-expectations (~> 3.12.0)
      rspec-mocks (~> 3.12.0)
    rspec-core (3.12.0)
      rspec-support (~> 3.12.0)
    rspec-expectations (3.12.2)
      diff-lcs (>= 1.2.0, < 2.0)
      rspec-support (~> 3.12.0)
    rspec-mocks (3.12.2)
      diff-lcs (>= 1.2.0, < 2.0)
      rspec-support (~> 3.12.0)
    rspec-support (3.12.0)

PLATFORMS
  arm64-darwin-22

DEPENDENCIES
  bundler (~> 2.4)
  hanami!
  rake (~> 13.0, >= 13.0.0)
  rspec (~> 3.12)

BUNDLED WITH
   2.4.3
